GEM
  remote: https://rubygems.org/
  specs:
    sqlite3 (1.6.1-arm64-darwin)
    sqlite3 (1.6.1-x86_64-darwin)

PLATFORMS
  arm64-darwin-21
  x86_64-darwin-18

DEPENDENCIES
  sqlite3

BUNDLED WITH
   2.4.6
